GEM
  remote: https://rubygems.org/
  specs:
    json (2.5.1)
    rethinkdb (1.11.0.1)
      json
      ruby-protocol-buffers
    ruby-protocol-buffers (1.5.1)

PLATFORMS
  ruby

DEPENDENCIES
  rethinkdb
